GEM
  remote: https://rubygems.org/
  specs:
    bourbon (3.2.1)
      sass (~> 3.2)
      thor
    breakpoint (2.0.7)
      compass (>= 0.12.1)
      sass (>= 3.2.0)
    chunky_png (1.3.1)
    compass (0.12.6)
      chunky_png (~> 1.2)
      fssm (>= 0.2.7)
      sass (~> 3.2.19)
    compass-rgbapng (0.2.1)
      chunky_png (>= 0.8.0)
      compass (>= 0.10.0)
    fssm (0.2.10)
    sass (3.2.19)
    sassy-buttons (0.2.6)
      compass (>= 0.12.2)
    thor (0.19.1)

PLATFORMS
  ruby

DEPENDENCIES
  bourbon
  breakpoint (>= 2.0.5)
  compass (>= 0.12.2)
  compass-rgbapng (>= 0.2.1)
  sassy-buttons (>= 0.1.4)
